PATH
  remote: .
  specs:
    typ-rspec-matcher (0.1.1)
      awesome_print (~> 1.9.2)
      typ (~> 0.1.2)
      typ-formatter (~> 0.1.2)

GEM
  remote: https://rubygems.org/
  specs:
    awesome_print (1.9.2)
    coderay (1.1.3)
    diff-lcs (1.5.0)
    method_source (1.0.0)
    pry (0.14.2)
      coderay (~> 1.1)
      method_source (~> 1.0)
    rainbow (3.1.1)
    rspec (3.12.0)
      rspec-core (~> 3.12.0)
      rspec-expectations (~> 3.12.0)
      rspec-mocks (~> 3.12.0)
    rspec-core (3.12.2)
      rspec-support (~> 3.12.0)
    rspec-expectations (3.12.3)
      diff-lcs (>= 1.2.0, < 2.0)
      rspec-support (~> 3.12.0)
    rspec-mocks (3.12.6)
      diff-lcs (>= 1.2.0, < 2.0)
      rspec-support (~> 3.12.0)
    rspec-support (3.12.1)
    string-indent (0.0.1)
    typ (0.1.2)
    typ-formatter (0.1.2)
      awesome_print (~> 1.9.2)
      rainbow (~> 3.1.1)
      string-indent (~> 0.0.1)
      typ (>= 0.1.2)

PLATFORMS
  x86_64-linux

DEPENDENCIES
  awesome_print
  pry
  rspec
  typ-rspec-matcher!

BUNDLED WITH
   2.4.15
